GEM
  remote: https://rubygems.org/
  specs:
    gosu (1.4.3)

PLATFORMS
  x86_64-darwin-20

DEPENDENCIES
  gosu (~> 1.4, >= 1.4.3)

BUNDLED WITH
   2.3.11
